PATH
  remote: .
  specs:
    tpscript (0.0.1)

GEM
  remote: https://rubygems.org/
  specs:
    httparty (0.13.2)
      json (~> 1.8)
      multi_xml (>= 0.5.2)
    json (1.8.1)
    multi_xml (0.5.5)
    rake (10.1.0)

PLATFORMS
  ruby

DEPENDENCIES
  bundler (~> 1.6)
  httparty (= 0.13.2)
  rake
  tpscript!
